GEM
  remote: https://rubygems.org/
  specs:
    dotenv (2.8.1)
    json (2.6.3)
    mysql2 (0.5.5)
    webrick (1.8.1)

PLATFORMS
  x86_64-darwin-22

DEPENDENCIES
  dotenv
  json
  mysql2
  webrick

BUNDLED WITH
   2.4.21
